GIT
  remote: git://github.com/intridea/omniauth.git
  revision: 966a4653a5fdb53b836b34aa16163c64c3c02cb4
  specs:
    omniauth (1.0.1)
      hashie (~> 1.2)
      rack (~> 1.4)

GEM
  remote: https://rubygems.org/
  specs:
    actionmailer (3.2.0.rc2)
      actionpack (= 3.2.0.rc2)
      mail (~> 2.3.0)
    actionpack (3.2.0.rc2)
      activemodel (= 3.2.0.rc2)
      activesupport (= 3.2.0.rc2)
      builder (~> 3.0.0)
      erubis (~> 2.7.0)
      journey (~> 1.0.0.rc1)
      rack (~> 1.4.0)
      rack-cache (~> 1.1)
      rack-test (~> 0.6.1)
      sprockets (~> 2.1.2)
    activemodel (3.2.0.rc2)
      activesupport (= 3.2.0.rc2)
      builder (~> 3.0.0)
    activerecord (3.2.0.rc2)
      activemodel (= 3.2.0.rc2)
      activesupport (= 3.2.0.rc2)
      arel (~> 3.0.0.rc1)
      tzinfo (~> 0.3.29)
    activeresource (3.2.0.rc2)
      activemodel (= 3.2.0.rc2)
      activesupport (= 3.2.0.rc2)
    activesupport (3.2.0.rc2)
      i18n (~> 0.6)
      multi_json (~> 1.0)
    addressable (2.2.6)
    arel (3.0.0)
    builder (3.0.0)
    crack (0.3.1)
    daemons (1.1.5)
    erubis (2.7.0)
    eventmachine (0.12.10)
    execjs (1.2.13)
      multi_json (~> 1.0)
    faraday (0.7.5)
      addressable (~> 2.2.6)
      multipart-post (~> 1.1.3)
      rack (>= 1.1.0, < 2)
    haml (3.2.0.alpha.10)
    hashie (1.2.0)
    hike (1.2.1)
    i18n (0.6.0)
    journey (1.0.0)
    json (1.6.5)
    mail (2.3.0)
      i18n (>= 0.4.0)
      mime-types (~> 1.16)
      treetop (~> 1.4.8)
    metaclass (0.0.1)
    mime-types (1.17.2)
    mocha (0.10.0)
      metaclass (~> 0.0.1)
    multi_json (1.0.4)
    multipart-post (1.1.4)
    oauth (0.4.5)
    omniauth-oauth (1.0.0)
      oauth
      omniauth (~> 1.0)
    omniauth-twitter (0.0.7)
      omniauth-oauth (~> 1.0)
    polyglot (0.3.3)
    rack (1.4.0)
    rack-cache (1.1)
      rack (>= 0.4)
    rack-ssl (1.3.2)
      rack
    rack-test (0.6.1)
      rack (>= 1.0)
    rails (3.2.0.rc2)
      actionmailer (= 3.2.0.rc2)
      actionpack (= 3.2.0.rc2)
      activerecord (= 3.2.0.rc2)
      activeresource (= 3.2.0.rc2)
      activesupport (= 3.2.0.rc2)
      bundler (~> 1.0)
      railties (= 3.2.0.rc2)
    railties (3.2.0.rc2)
      actionpack (= 3.2.0.rc2)
      activesupport (= 3.2.0.rc2)
      rack-ssl (~> 1.3.2)
      rake (>= 0.8.7)
      rdoc (~> 3.4)
      thor (~> 0.14.6)
    rake (0.9.2.2)
    rdoc (3.12)
      json (~> 1.4)
    sass (3.1.12)
    sass-rails (3.2.3)
      railties (~> 3.2.0.beta)
      sass (>= 3.1.10)
      tilt (~> 1.3)
    simple_oauth (0.1.5)
    simplecov (0.5.4)
      multi_json (~> 1.0.3)
      simplecov-html (~> 0.5.3)
    simplecov-html (0.5.3)
    sprockets (2.1.2)
      hike (~> 1.2)
      rack (~> 1.0)
      tilt (~> 1.1, != 1.3.0)
    thin (1.3.1)
      daemons (>= 1.0.9)
      eventmachine (>= 0.12.6)
      rack (>= 1.0.0)
    thor (0.14.6)
    tilt (1.3.3)
    treetop (1.4.10)
      polyglot
      polyglot (>= 0.3.1)
    twitter (2.0.2)
      activesupport (>= 2.3.9, < 4)
      faraday (~> 0.7)
      multi_json (~> 1.0)
      simple_oauth (~> 0.1)
    tzinfo (0.3.31)
    uglifier (1.2.2)
      execjs (>= 0.3.0)
      multi_json (>= 1.0.2)
    webmock (1.7.10)
      addressable (~> 2.2, > 2.2.5)
      crack (>= 0.1.7)

PLATFORMS
  ruby

DEPENDENCIES
  haml (~> 3.2.0.alpha)
  jruby-openssl
  mocha
  omniauth!
  omniauth-twitter
  rails (~> 3.2.0.rc2)
  sass-rails
  simplecov
  thin
  twitter
  uglifier
  webmock
